PATH
  remote: .
  specs:
    activities (0.0.1)

GEM
  remote: https://rubygems.org/
  specs:
    amq-client (1.0.2)
      amq-protocol (>= 1.2.0)
      eventmachine
    amq-protocol (1.8.0)
    amqp (1.0.2)
      amq-client (~> 1.0.2)
      amq-protocol (>= 1.3.0)
      eventmachine
    bson (1.8.6)
    bson_ext (1.8.6)
      bson (~> 1.8.6)
    daemons (1.1.9)
    eventmachine (1.0.3)
    ghtorrent (0.8)
      amqp (~> 1.0.0)
      bson_ext (~> 1.8.0)
      daemons (~> 1.1.0)
      mongo (~> 1.8.0)
      sequel (~> 3.47)
      trollop (~> 2.0.0)
    mongo (1.8.6)
      bson (~> 1.8.6)
    rake (13.0.1)
    sequel (3.48.0)
    trollop (2.0)

PLATFORMS
  ruby

DEPENDENCIES
  activities!
  bundler (~> 1.3)
  ghtorrent (~> 0.8)
  rake
